GEM
  remote: https://rubygems.org/
  specs:
    fest (1.2.10)
    gmail (0.5.0)
      gmail_xoauth (>= 0.3.0)
      mail (>= 2.2.1)
    gmail_xoauth (0.4.1)
      oauth (>= 0.3.6)
    mail (2.6.3)
      mime-types (>= 1.16, < 3)
    mime-types (2.4.3)
    mini_portile (0.6.2)
    net-ping (1.7.7)
    nokogiri (1.6.6.2)
      mini_portile (~> 0.6.0)
    oauth (0.4.7)

PLATFORMS
  ruby

DEPENDENCIES
  fest
  gmail
  net-ping
  nokogiri
